GEM
  remote: https://rubygems.org/
  specs:
    addressable (2.8.0)
      public_suffix (>= 2.0.2, < 5.0)
    ast (2.4.2)
    connection_pool (2.2.5)
    domain_name (0.5.20190701)
      unf (>= 0.0.5, < 1.0.0)
    http-cookie (1.0.4)
      domain_name (~> 0.5)
    mechanize (2.8.3)
      addressable (~> 2.8)
      domain_name (~> 0.5, >= 0.5.20190701)
      http-cookie (~> 1.0, >= 1.0.3)
      mime-types (~> 3.0)
      net-http-digest_auth (~> 1.4, >= 1.4.1)
      net-http-persistent (>= 2.5.2, < 5.0.dev)
      nokogiri (~> 1.11, >= 1.11.2)
      rubyntlm (~> 0.6, >= 0.6.3)
      webrick (~> 1.7)
      webrobots (~> 0.1.2)
    mime-types (3.4.1)
      mime-types-data (~> 3.2015)
    mime-types-data (3.2021.1115)
    mini_portile2 (2.8.0)
    net-http-digest_auth (1.4.1)
    net-http-persistent (4.0.1)
      connection_pool (~> 2.2)
    nokogiri (1.13.3)
      mini_portile2 (~> 2.8.0)
      racc (~> 1.4)
    parallel (1.21.0)
    parser (3.0.3.2)
      ast (~> 2.4.1)
    public_suffix (4.0.6)
    qiita_trend (0.5.1)
      mechanize (~> 2.7)
      nokogiri (~> 1.11)
    racc (1.6.0)
    rainbow (3.0.0)
    regexp_parser (2.2.0)
    rexml (3.2.5)
    rubocop (0.93.1)
      parallel (~> 1.10)
      parser (>= 2.7.1.5)
      rainbow (>= 2.2.2, < 4.0)
      regexp_parser (>= 1.8)
      rexml
      rubocop-ast (>= 0.6.0)
      ruby-progressbar (~> 1.7)
      unicode-display_width (>= 1.4.0, < 2.0)
    rubocop-ast (1.15.1)
      parser (>= 3.0.1.1)
    ruby-progressbar (1.11.0)
    rubyntlm (0.6.3)
    unf (0.1.4)
      unf_ext
    unf_ext (0.0.8)
    unicode-display_width (1.8.0)
    webrick (1.7.0)
    webrobots (0.1.2)

PLATFORMS
  ruby

DEPENDENCIES
  qiita_trend (~> 0.5.0)
  rubocop (~> 0.62)

BUNDLED WITH
   2.2.6
